PATH
  remote: .
  specs:
    html_mazes (0.0.1)
      compass-core (> 0)
      rack (> 0)
      sass (> 0)
      thin (> 0)
      tilt (> 0)
      valise (> 0)

GEM
  remote: https://rubygems.org/
  specs:
    compass-core (1.0.0.rc.1)
      multi_json (~> 1.0)
      sass (>= 3.3.0, < 3.5)
    daemons (1.1.9)
    eventmachine (1.0.3)
    multi_json (1.10.1)
    rack (1.5.2)
    sass (3.3.14)
    thin (1.6.2)
      daemons (>= 1.0.9)
      eventmachine (>= 1.0.0)
      rack (>= 1.0.0)
    tilt (2.0.1)
    valise (1.1.1)

PLATFORMS
  ruby

DEPENDENCIES
  html_mazes!
